GEM
  remote: https://rubygems.org/
  specs:
    requests (1.0.2)

PLATFORMS
  ruby

DEPENDENCIES
  requests

RUBY VERSION
   ruby 2.7.5p203

BUNDLED WITH
   2.1.4
